GEM
  remote: https://rubygems.org/
  specs:
    ast (2.4.0)
    coderay (1.1.2)
    concurrent-ruby (1.1.8)
    deep_merge (1.2.1)
    diff-lcs (1.3)
    facter (4.0.52)
      hocon (~> 1.3)
      thor (>= 1.0.1, < 2.0)
    fast_gettext (1.8.0)
    gettext (3.3.7)
      locale (>= 2.0.5)
      text (>= 1.3.0)
    gettext-setup (0.9)
      fast_gettext (~> 1.1)
      gettext (>= 3.0.2)
    hiera (3.7.0)
    hocon (1.3.1)
    httpclient (2.8.3)
    locale (2.1.3)
    method_source (0.9.2)
    mocha (1.11.2)
    multi_json (1.15.0)
    mustermann (1.1.1)
      ruby2_keywords (~> 0.0.1)
    parallel (1.19.1)
    parser (2.7.0.2)
      ast (~> 2.4.0)
    powerpack (0.1.2)
    pry (0.11.3)
      coderay (~> 1.1.0)
      method_source (~> 0.9.0)
    puppet (6.13.0)
      concurrent-ruby (~> 1.0)
      deep_merge (~> 1.0)
      facter (> 2.0.1, < 5)
      fast_gettext (~> 1.1)
      hiera (>= 3.2.1, < 4)
      httpclient (~> 2.8)
      locale (~> 2.1)
      multi_json (~> 1.10)
      puppet-resource_api (~> 1.5)
      semantic_puppet (~> 1.0)
    puppet-lint (2.3.3)
    puppet-resource_api (1.8.13)
      hocon (>= 1.0)
    puppet-syntax (2.4.1)
      rake
    puppetlabs_spec_helper (2.4.0)
      mocha (~> 1.0)
      puppet-lint (~> 2.0)
      puppet-syntax (~> 2.0)
      rspec-puppet (~> 2.0)
    rack (2.0.8)
    rack-protection (2.0.2)
      rack
    rainbow (2.2.2)
      rake
    rake (13.0.1)
    rhcl (0.1.0)
      deep_merge
    rspec (3.9.0)
      rspec-core (~> 3.9.0)
      rspec-expectations (~> 3.9.0)
      rspec-mocks (~> 3.9.0)
    rspec-core (3.9.1)
      rspec-support (~> 3.9.1)
    rspec-expectations (3.9.0)
      diff-lcs (>= 1.2.0, < 2.0)
      rspec-support (~> 3.9.0)
    rspec-mocks (3.9.1)
      diff-lcs (>= 1.2.0, < 2.0)
      rspec-support (~> 3.9.0)
    rspec-puppet (2.6.9)
      rspec
    rspec-support (3.9.2)
    rubocop (0.51.0)
      parallel (~> 1.10)
      parser (>= 2.3.3.1, < 3.0)
      powerpack (~> 0.1)
      rainbow (>= 2.2.2, < 3.0)
      ruby-progressbar (~> 1.7)
      unicode-display_width (~> 1.0, >= 1.0.1)
    ruby-progressbar (1.10.1)
    ruby2_keywords (0.0.2)
    semantic_puppet (1.0.1)
      gettext-setup (>= 0.3)
    sinatra (2.0.2)
      mustermann (~> 1.0)
      rack (~> 2.0)
      rack-protection (= 2.0.2)
      tilt (~> 2.0)
    text (1.3.1)
    thor (1.1.0)
    tilt (2.0.10)
    unicode-display_width (1.6.0)

PLATFORMS
  ruby

DEPENDENCIES
  pry (= 0.11.3)
  puppet (= 6.13.0)
  puppet-lint (= 2.3.3)
  puppet-syntax (= 2.4.1)
  puppetlabs_spec_helper (= 2.4.0)
  rhcl (~> 0.1.0)
  rspec-puppet (= 2.6.9)
  rubocop (~> 0.51.0)
  semantic_puppet (= 1.0.1)
  sinatra (= 2.0.2)

BUNDLED WITH
   1.16.2
